PATH
  remote: .
  specs:
    lava (0.1.7)

GEM
  remote: http://rubygems.org/
  specs:

PLATFORMS
  ruby

DEPENDENCIES
  lava!
