PATH
  remote: .
  specs:
    lava (0.1.3)
      aws-s3
      dragonfly (~> 0.9.11)
      fog (~> 1.3.1)
      gollum (~> 2.4.15)
      haml (~> 3.1.4)
      rack-cache (>= 0.5.3)
      redcarpet (~> 2.1.1)
      rmagick (~> 2.13.1)
      simple_form (= 2.0.1)

GEM
  remote: http://rubygems.org/
  specs:
    actionpack (3.2.13)
      activemodel (= 3.2.13)
      activesupport (= 3.2.13)
      builder (~> 3.0.0)
      erubis (~> 2.7.0)
      journey (~> 1.0.4)
      rack (~> 1.4.5)
      rack-cache (~> 1.2)
      rack-test (~> 0.6.1)
      sprockets (~> 2.2.1)
    activemodel (3.2.13)
      activesupport (= 3.2.13)
      builder (~> 3.0.0)
    activesupport (3.2.13)
      i18n (= 0.6.1)
      multi_json (~> 1.0)
    addressable (2.2.8)
    aws-s3 (0.6.3)
      builder
      mime-types
      xml-simple
    builder (3.0.4)
    childprocess (0.3.9)
      ffi (~> 1.0, >= 1.0.11)
    cucumber (1.3.3)
      builder (>= 2.1.2)
      diff-lcs (>= 1.1.3)
      gherkin (~> 2.12.0)
      multi_json (~> 1.7.5)
      multi_test (~> 0.0.1)
    database_cleaner (0.7.2)
    diff-lcs (1.1.3)
    dragonfly (0.9.15)
      multi_json (~> 1.0)
      rack
    erubis (2.7.0)
    excon (0.13.4)
    factory_girl (2.6.3)
      activesupport (>= 2.3.9)
    ffi (1.9.0)
    fog (1.3.1)
      builder
      excon (~> 0.13.0)
      formatador (~> 0.2.0)
      mime-types
      multi_json (~> 1.0)
      net-scp (~> 1.0.4)
      net-ssh (>= 2.1.3)
      nokogiri (~> 1.5.0)
      ruby-hmac
    formatador (0.2.4)
    gherkin (2.12.0)
      multi_json (~> 1.3)
    github-markdown (0.5.3)
    github-markup (0.7.5)
    gollum (2.4.15)
      gollum-lib (~> 1.0.3)
      mustache (>= 0.99.4, < 1.0.0)
      sinatra (~> 1.4.2)
      useragent (~> 0.6.0)
    gollum-lib (1.0.3)
      github-markdown (~> 0.5.3)
      github-markup (>= 0.7.5, < 1.0.0)
      grit (~> 2.5.0)
      nokogiri (~> 1.5.9, < 1.6.0)
      pygments.rb (~> 0.5.0)
      sanitize (~> 2.0.3, < 2.0.4)
      stringex (~> 1.5.1)
    grit (2.5.0)
      diff-lcs (~> 1.1)
      mime-types (~> 1.15)
      posix-spawn (~> 0.3.6)
    haml (3.1.8)
    hike (1.2.3)
    i18n (0.6.1)
    journey (1.0.4)
    json (1.6.6)
    kaminari (0.13.0)
      actionpack (>= 3.0.0)
      activesupport (>= 3.0.0)
      railties (>= 3.0.0)
    launchy (2.1.0)
      addressable (~> 2.2.6)
    libwebsocket (0.1.8)
      addressable
      websocket
    mime-types (1.23)
    multi_json (1.7.7)
    multi_test (0.0.1)
    mustache (0.99.4)
    net-scp (1.0.4)
      net-ssh (>= 1.99.1)
    net-ssh (2.6.8)
    nokogiri (1.5.10)
    pickle (0.4.10)
      cucumber (>= 0.8)
      rake
    posix-spawn (0.3.6)
    pygments.rb (0.5.1)
      posix-spawn (~> 0.3.6)
      yajl-ruby (~> 1.1.0)
    rack (1.4.5)
    rack-cache (1.2)
      rack (>= 0.4)
    rack-protection (1.5.0)
      rack
    rack-ssl (1.3.3)
      rack
    rack-test (0.6.2)
      rack (>= 1.0)
    railties (3.2.13)
      actionpack (= 3.2.13)
      activesupport (= 3.2.13)
      rack-ssl (~> 1.3.2)
      rake (>= 0.8.7)
      rdoc (~> 3.4)
      thor (>= 0.14.6, < 2.0)
    rake (10.1.0)
    rdoc (3.12.2)
      json (~> 1.4)
    redcarpet (2.1.1)
    rmagick (2.13.2)
    rspec (2.9.0)
      rspec-core (~> 2.9.0)
      rspec-expectations (~> 2.9.0)
      rspec-mocks (~> 2.9.0)
    rspec-core (2.9.0)
    rspec-expectations (2.9.1)
      diff-lcs (~> 1.1.3)
    rspec-mocks (2.9.0)
    rspec-rails (2.9.0)
      actionpack (>= 3.0)
      activesupport (>= 3.0)
      railties (>= 3.0)
      rspec (~> 2.9.0)
    ruby-hmac (0.4.0)
    rubyzip (0.9.9)
    sanitize (2.0.3)
      nokogiri (>= 1.4.4, < 1.6)
      nokogiri (>= 1.4.4, < 1.6)
    selenium-webdriver (2.21.0)
      childprocess (>= 0.2.5)
      ffi (~> 1.0)
      libwebsocket (~> 0.1.3)
      multi_json (~> 1.0)
      rubyzip
    shoulda-matchers (1.0.0)
    simple_form (2.0.1)
      actionpack (~> 3.0)
      activemodel (~> 3.0)
    sinatra (1.4.3)
      rack (~> 1.4)
      rack-protection (~> 1.4)
      tilt (~> 1.3, >= 1.3.4)
    sprockets (2.2.2)
      hike (~> 1.2)
      multi_json (~> 1.0)
      rack (~> 1.0)
      tilt (~> 1.1, != 1.3.0)
    stringex (1.5.1)
    thor (0.18.1)
    tilt (1.4.1)
    useragent (0.6.0)
    websocket (1.1.1)
    xml-simple (1.1.2)
    yajl-ruby (1.1.0)

PLATFORMS
  ruby

DEPENDENCIES
  database_cleaner (= 0.7.2)
  factory_girl (= 2.6.3)
  json (= 1.6.6)
  kaminari (= 0.13.0)
  launchy (= 2.1.0)
  lava!
  pickle (= 0.4.10)
  rspec-rails (= 2.9.0)
  selenium-webdriver (= 2.21.0)
  shoulda-matchers (= 1.0.0)
